PATH
  remote: .
  specs:
    seatgeek (1.0.2)
      faraday
      multi_json
      rake
      yajl-ruby

GEM
  remote: https://rubygems.org/
  specs:
    awesome_print (1.8.0)
    diff-lcs (1.4.4)
    faraday (0.8.11)
      multipart-post (~> 1.2.0)
    multi_json (1.3.7)
    multipart-post (1.2.0)
    rake (13.0.1)
    rspec (3.4.0)
      rspec-core (~> 3.4.0)
      rspec-expectations (~> 3.4.0)
      rspec-mocks (~> 3.4.0)
    rspec-core (3.4.4)
      rspec-support (~> 3.4.0)
    rspec-expectations (3.4.0)
      diff-lcs (>= 1.2.0, < 2.0)
      rspec-support (~> 3.4.0)
    rspec-mocks (3.4.1)
      diff-lcs (>= 1.2.0, < 2.0)
      rspec-support (~> 3.4.0)
    rspec-support (3.4.1)
    yajl-ruby (1.4.2)

PLATFORMS
  ruby

DEPENDENCIES
  awesome_print (~> 1.8.0)
  faraday (~> 0.8.11)
  multi_json (~> 1.3.5)
  rake (~> 13.0.1)
  rspec (~> 3.4.0)
  seatgeek!
  yajl-ruby (~> 1.4.2)

BUNDLED WITH
   2.1.4
